GEM
  remote: http://rubygems.org/
  specs:
    beanstalk-client (1.1.1)
    bson (1.0.7)
    elif (0.1.0)
    facets (3.1.0)
    fakeweb (1.3.0)
    memcache-client (1.8.5)
    mini_portile2 (2.4.0)
    mocha (0.9.8)
      rake
    mongo (1.0.8)
      bson (>= 1.0.5)
    mono_logger (1.1.0)
    multi_json (1.15.0)
    mustermann (1.1.1)
      ruby2_keywords (~> 0.0.1)
    mysql (2.8.1)
    nokogiri (1.10.10)
      mini_portile2 (~> 2.4.0)
    pg (0.9.0)
    rack (2.2.3)
    rack-protection (2.0.8.1)
      rack
    rake (13.0.1)
    redis (4.2.1)
    redis-namespace (1.7.0)
      redis (>= 3.0.4)
    request-log-analyzer (1.8.1)
    resque (2.0.0)
      mono_logger (~> 1.0)
      multi_json (~> 1.0)
      redis-namespace (~> 1.6)
      sinatra (>= 0.9.2)
      vegas (~> 0.1.2)
    ruby2_keywords (0.0.2)
    scout (5.1.4)
      elif
    sinatra (2.0.8.1)
      mustermann (~> 1.0)
      rack (~> 2.0)
      rack-protection (= 2.0.8.1)
      tilt (~> 2.0)
    tilt (2.0.10)
    timecop (0.3.5)
    vegas (0.1.11)
      rack (>= 1.0.0)

PLATFORMS
  ruby

DEPENDENCIES
  beanstalk-client
  facets
  fakeweb
  memcache-client
  mocha
  mongo
  mysql
  nokogiri
  pg
  redis
  request-log-analyzer
  resque
  scout
  timecop
